PATH
  remote: .
  specs:
    heroku-rails-saas (0.1.5)
      heroku (>= 2.24.1)

GEM
  remote: http://rubygems.org/
  specs:
    ZenTest (4.8.0)
    activesupport (3.2.3)
      i18n (~> 0.6)
      multi_json (~> 1.0)
    addressable (2.2.8)
    autotest (4.4.6)
      ZenTest (>= 4.4.1)
    diff-lcs (1.1.3)
    heroku (2.25.0)
      launchy (>= 0.3.2)
      netrc (~> 0.7.1)
      rest-client (~> 1.6.1)
      rubyzip
    i18n (0.6.0)
    launchy (2.1.0)
      addressable (~> 2.2.6)
    mime-types (1.18)
    multi_json (1.3.4)
    netrc (0.7.1)
    rest-client (1.6.7)
      mime-types (>= 1.16)
    rspec (2.10.0)
      rspec-core (~> 2.10.0)
      rspec-expectations (~> 2.10.0)
      rspec-mocks (~> 2.10.0)
    rspec-core (2.10.0)
    rspec-expectations (2.10.0)
      diff-lcs (~> 1.1.3)
    rspec-mocks (2.10.1)
    rubyzip (0.9.8)

PLATFORMS
  ruby

DEPENDENCIES
  activesupport
  autotest
  heroku-rails-saas!
  rspec (~> 2.0)
